PATH
  remote: .
  specs:
    enigma (0.1.0)
      aws-sdk-secretsmanager (~> 1.32.0)
      json (~> 2.3.0)
      rainbow (~> 3.0.0)
      terminal-table (~> 1.8.0)
      thor (~> 0.20.3)

GEM
  remote: https://rubygems.org/
  specs:
    aws-eventstream (1.0.3)
    aws-partitions (1.281.0)
    aws-sdk-core (3.90.1)
      aws-eventstream (~> 1.0, >= 1.0.2)
      aws-partitions (~> 1, >= 1.239.0)
      aws-sigv4 (~> 1.1)
      jmespath (~> 1.0)
    aws-sdk-secretsmanager (1.32.0)
      aws-sdk-core (~> 3, >= 3.71.0)
      aws-sigv4 (~> 1.1)
    aws-sigv4 (1.1.1)
      aws-eventstream (~> 1.0, >= 1.0.2)
    byebug (11.1.1)
    coderay (1.1.2)
    jmespath (1.4.0)
    json (2.3.0)
    method_source (0.9.2)
    minitest (5.14.0)
    pry (0.12.2)
      coderay (~> 1.1.0)
      method_source (~> 0.9.0)
    pry-byebug (3.7.0)
      byebug (~> 11.0)
      pry (~> 0.10)
    rainbow (3.0.0)
    rake (13.0.1)
    terminal-table (1.8.0)
      unicode-display_width (~> 1.1, >= 1.1.1)
    thor (0.20.3)
    unicode-display_width (1.6.1)

PLATFORMS
  ruby

DEPENDENCIES
  bundler (~> 2.0)
  enigma!
  minitest (~> 5.0)
  pry-byebug (~> 3.7.0)
  rake (~> 13.0)

BUNDLED WITH
   2.1.4
